PATH
  remote: .
  specs:
    gctrack (0.2.0)

GEM
  remote: https://rubygems.org/
  specs:
    highline (1.6.20)
    json_pure (1.8.1)
    mime-types (1.25.1)
    package_cloud (0.2.44)
      highline (= 1.6.20)
      json_pure (= 1.8.1)
      rainbow (= 2.1.0)
      rest-client (~> 1.6.7)
      thor (~> 0.18)
    power_assert (1.0.2)
    rainbow (2.1.0)
    rake (12.0.0)
    rake-compiler (1.0.4)
      rake
    rest-client (1.6.9)
      mime-types (~> 1.16)
    test-unit (3.2.5)
      power_assert
    thor (0.20.0)

PLATFORMS
  ruby

DEPENDENCIES
  gctrack!
  package_cloud
  rake
  rake-compiler (~> 1.0)
  test-unit

BUNDLED WITH
   1.17.3
